GEM
  remote: https://rubygems.org/
  specs:
    json (1.8.3)
    mysql2 (0.4.1)
    puma (2.14.0)
    rack (1.6.4)

PLATFORMS
  ruby

DEPENDENCIES
  json
  mysql2
  puma
  rack

BUNDLED WITH
   1.10.6
